GEM
  remote: https://rubygems.org/
  specs:
    log4r (1.1.10)
    nokogiri (1.13.10-arm64-darwin)
      racc (~> 1.4)
    nokogiri (1.13.10-x86_64-linux)
      racc (~> 1.4)
    polyglot (0.3.5)
    racc (1.6.2)
    slaw (13.0.0)
      log4r (~> 1.1)
      nokogiri (~> 1.8)
      thor (~> 0.20)
      treetop (~> 1.5)
    thor (0.20.3)
    treetop (1.6.11)
      polyglot (~> 0.3)

PLATFORMS
  arm64-darwin-20
  arm64-darwin-21
  x86_64-linux

DEPENDENCIES
  slaw (~> 13.0)

RUBY VERSION
   ruby 2.7.2p137

BUNDLED WITH
   2.2.28
